PATH
  remote: .
  specs:
    motion-kit (0.9.5)
      dbt

GEM
  remote: https://rubygems.org/
  specs:
    dbt (1.1.4)
    motion-redgreen (0.1.0)
    rake (10.1.1)

PLATFORMS
  ruby

DEPENDENCIES
  dbt
  motion-kit!
  motion-redgreen
  rake
